GEM
  remote: http://rubygems.org/
  specs:
    addressable (2.2.6)
    faraday (0.6.1)
      addressable (~> 2.2.4)
      multipart-post (~> 1.1.0)
      rack (< 2, >= 1.1.0)
    faraday_middleware (0.6.5)
      faraday (~> 0.6.0)
    hashie (1.0.0)
    mime-types (1.16)
    mini_shoulda (0.3.0)
      minitest (~> 2.1.0)
    mini_specunit (0.1.1)
      minitest
    minitest (2.1.0)
    mocha (0.9.12)
    multi_json (1.0.3)
    multi_xml (0.2.2)
    multipart-post (1.1.2)
    pamela (0.1)
    rack (1.3.0)
    rack-test (0.6.0)
      rack (>= 1.0)
    rake (0.8.7)
    rest-client (1.6.3)
      mime-types (>= 1.16)
    simple_oauth (0.1.5)
    sinatra (1.2.6)
      rack (~> 1.1)
      tilt (< 2.0, >= 1.2.2)
    tilt (1.3.2)
    twitter (1.6.0)
      faraday (~> 0.6.1)
      faraday_middleware (~> 0.6.3)
      hashie (~> 1.0.0)
      multi_json (~> 1.0.0)
      multi_xml (~> 0.2.0)
      simple_oauth (~> 0.1.5)

PLATFORMS
  ruby

DEPENDENCIES
  mini_shoulda
  mini_specunit
  mocha
  pamela
  rack-test
  rake (= 0.8.7)
  rest-client
  sinatra
  twitter
