GEM
  remote: http://rubygems.org/
  specs:
    mime-types (1.16)
    mini_shoulda (0.3.0)
      minitest (~> 2.1.0)
    mini_specunit (0.1.1)
      minitest
    minitest (2.1.0)
    mocha (0.9.12)
    pamela (0.1)
    rack (1.3.0)
    rack-test (0.6.0)
      rack (>= 1.0)
    rake (0.9.2)
    rest-client (1.6.3)
      mime-types (>= 1.16)
    sinatra (1.2.6)
      rack (~> 1.1)
      tilt (< 2.0, >= 1.2.2)
    tilt (1.3.2)

PLATFORMS
  ruby

DEPENDENCIES
  mini_shoulda
  mini_specunit
  mocha
  pamela
  rack-test
  rake
  rest-client
  sinatra
